GEM
  remote: https://rubygems.org/
  specs:
    webrick (1.7.0)
    yard (0.9.28)
      webrick (~> 1.7.0)

PLATFORMS
  arm64-darwin-21

DEPENDENCIES
  yard

BUNDLED WITH
   2.3.18
